ObjectType = Image
NDims = 3
BinaryData = True
BinaryDataByteOrderMSB = False
CompressedData = False
TransformMatrix = 1 0 0 0 1 0 0 0 1
Offset = 0 0 0
CenterOfRotation = 0 0 0
AnatomicalOrientation = RPI
ElementSpacing = 0.679688 0.679688 0.7
DimSize = 462 386 412
ElementType = MET_SHORT
ElementDataFile = 01_Moving.raw
